GEM
  remote: http://rubygems.org/
  specs:
    diff-lcs (1.1.2)
    fastercsv (1.5.4)
    memprof (0.3.6)
      rest-client (>= 1.4.2)
      term-ansicolor
    mime-types (1.16)
    rest-client (1.6.1)
      mime-types (>= 1.16)
    rspec (2.5.0)
      rspec-core (~> 2.5.0)
      rspec-expectations (~> 2.5.0)
      rspec-mocks (~> 2.5.0)
    rspec-core (2.5.1)
    rspec-expectations (2.5.0)
      diff-lcs (~> 1.1.2)
    rspec-mocks (2.5.0)
    ruby-prof (0.9.2)
    term-ansicolor (1.0.5)

PLATFORMS
  ruby

DEPENDENCIES
  fastercsv
  memprof
  rspec
  ruby-prof
